GEM
  remote: https://rubygems.org/
  specs:
    awesome_print (1.8.0)
    byebug (11.1.3)
    coderay (1.1.3)
    coolline (0.5.0)
      unicode_utils (~> 1.4)
    jazz_fingers (5.2.2)
      awesome_print (~> 1.6)
      pry (~> 0.10)
      pry-byebug (~> 3.4)
      pry-coolline (~> 0.2)
    method_source (1.0.0)
    neatjson (0.9)
    pg (1.2.3)
    pry (0.13.1)
      coderay (~> 1.1)
      method_source (~> 1.0)
    pry-byebug (3.9.0)
      byebug (~> 11.0)
      pry (~> 0.13.0)
    pry-coolline (0.2.5)
      coolline (~> 0.5)
    que (1.0.0.beta4)
    que-locks (0.2.0)
      neatjson
      que (~> 1.0.0.beta3)
      xxhash
    sequel (5.35.0)
    sequel_pg (1.13.0)
      pg (>= 0.18.0, != 1.2.0)
      sequel (>= 4.38.0)
    unicode_utils (1.4.0)
    xxhash (0.4.0)

PLATFORMS
  ruby

DEPENDENCIES
  awesome_print
  jazz_fingers
  que (= 1.0.0.beta4)
  que-locks
  sequel
  sequel_pg

BUNDLED WITH
   2.1.4
